GEM
  remote: https://rubygems.org/
  specs:
    bitters (1.3.2)
      bourbon (>= 5.0.0.beta.6)
      sass (~> 3.4)
      thor (~> 0.19)
    bourbon (5.0.0.beta.6)
      sass (~> 3.4.22)
      thor (~> 0.19.1)
    neat (1.8.0)
      sass (>= 3.3)
      thor (~> 0.19)
    sass (3.4.22)
    thor (0.19.1)

PLATFORMS
  ruby

DEPENDENCIES
  bitters
  bourbon
  neat

BUNDLED WITH
   1.12.5
